GIT
  remote: git://github.com/rails/journey.git
  revision: 5e14f7477b3d05595bf950b33812793da2c3913c
  specs:
    journey (2.0.0.20120723141804)

GIT
  remote: git://github.com/rails/rails.git
  revision: 5d54fd77b8e85ca7f6fb14916aea043725f49990
  branch: master
  specs:
    actionpack (4.0.0.beta)
      activesupport (= 4.0.0.beta)
      builder (~> 3.1.0)
      erubis (~> 2.7.0)
      journey (~> 2.0.0)
      rack (~> 1.4.1)
      rack-test (~> 0.6.1)
    activemodel (4.0.0.beta)
      activesupport (= 4.0.0.beta)
      builder (~> 3.1.0)
    activesupport (4.0.0.beta)
      i18n (~> 0.6)
      minitest (~> 4.1)
      multi_json (~> 1.3)
      tzinfo (~> 0.3.33)
    railties (4.0.0.beta)
      actionpack (= 4.0.0.beta)
      activesupport (= 4.0.0.beta)
      rake (>= 0.8.7)
      rdoc (~> 3.4)
      thor (>= 0.15.4, < 2.0)

PATH
  remote: .
  specs:
    simple_form (3.0.0.dev)
      actionpack (>= 4.0.0.beta, < 4.1)
      activemodel (>= 4.0.0.beta, < 4.1)

GEM
  remote: http://rubygems.org/
  specs:
    builder (3.1.4)
    country_select (1.0.1)
    erubis (2.7.0)
    i18n (0.6.1)
    json (1.7.5)
    metaclass (0.0.1)
    minitest (4.3.3)
    mocha (0.13.0)
      metaclass (~> 0.0.1)
    multi_json (1.5.0)
    rack (1.4.1)
    rack-test (0.6.2)
      rack (>= 1.0)
    rake (10.0.1)
    rdoc (3.12)
      json (~> 1.4)
    thor (0.16.0)
    tzinfo (0.3.35)

PLATFORMS
  ruby

DEPENDENCIES
  actionpack (>= 4.0.0.beta, < 4.1)!
  activemodel (>= 4.0.0.beta, < 4.1)!
  country_select
  journey!
  mocha
  railties (>= 4.0.0.beta, < 4.1)!
  rake
  rdoc
  simple_form!
  tzinfo
